PATH
  remote: .
  specs:
    visualize_packs (0.5.0)
      packs-specification
      parse_packwerk (>= 0.20.0)

GEM
  remote: https://rubygems.org/
  specs:
    diff-lcs (1.5.0)
    packs-specification (0.0.10)
      sorbet-runtime
    parse_packwerk (0.20.0)
      sorbet-runtime
    rspec (3.12.0)
      rspec-core (~> 3.12.0)
      rspec-expectations (~> 3.12.0)
      rspec-mocks (~> 3.12.0)
    rspec-core (3.12.2)
      rspec-support (~> 3.12.0)
    rspec-expectations (3.12.3)
      diff-lcs (>= 1.2.0, < 2.0)
      rspec-support (~> 3.12.0)
    rspec-mocks (3.12.6)
      diff-lcs (>= 1.2.0, < 2.0)
      rspec-support (~> 3.12.0)
    rspec-support (3.12.1)
    sorbet-runtime (0.5.10969)

PLATFORMS
  arm64-darwin-20
  arm64-darwin-21
  arm64-darwin-22
  x86_64-darwin-19
  x86_64-linux

DEPENDENCIES
  bundler
  rspec (~> 3.12)
  sorbet-runtime
  visualize_packs!

BUNDLED WITH
   2.3.21
