PATH
  remote: .
  specs:
    visualize_packs (0.3.0)
      code_ownership
      packs
      parse_packwerk
      rake
      ruby-graphviz
      sorbet-runtime

GEM
  remote: https://rubygems.org/
  specs:
    ast (2.4.2)
    code_ownership (1.34.2)
      code_teams (~> 1.0)
      packs-specification
      sorbet-runtime (>= 0.5.10821)
    code_teams (1.0.2)
      sorbet-runtime
    coderay (1.1.3)
    diff-lcs (1.5.0)
    method_source (1.0.0)
    packs (0.0.6)
      sorbet-runtime
    packs-specification (0.0.8)
      sorbet-runtime
    parse_packwerk (0.19.3)
      sorbet-runtime
    parser (3.2.2.3)
      ast (~> 2.4.1)
      racc
    pry (0.14.2)
      coderay (~> 1.1)
      method_source (~> 1.0)
    racc (1.7.1)
    rake (13.0.6)
    rbi (0.0.17)
      ast
      parser (>= 3.0.0)
      sorbet-runtime (>= 0.5.9204)
      unparser (>= 0.5.6)
    rexml (3.2.6)
    rspec (3.12.0)
      rspec-core (~> 3.12.0)
      rspec-expectations (~> 3.12.0)
      rspec-mocks (~> 3.12.0)
    rspec-core (3.12.2)
      rspec-support (~> 3.12.0)
    rspec-expectations (3.12.3)
      diff-lcs (>= 1.2.0, < 2.0)
      rspec-support (~> 3.12.0)
    rspec-mocks (3.12.6)
      diff-lcs (>= 1.2.0, < 2.0)
      rspec-support (~> 3.12.0)
    rspec-support (3.12.1)
    ruby-graphviz (1.2.5)
      rexml
    sorbet (0.5.10950)
      sorbet-static (= 0.5.10950)
    sorbet-runtime (0.5.10953)
    sorbet-static (0.5.10950-universal-darwin-20)
    sorbet-static (0.5.10950-universal-darwin-21)
    sorbet-static (0.5.10950-universal-darwin-22)
    sorbet-static (0.5.10950-x86_64-linux)
    spoom (1.1.13)
      sorbet (>= 0.5.9204)
      sorbet-runtime (>= 0.5.9204)
      thor (>= 0.19.2)
    tapioca (0.7.2)
      bundler (>= 1.17.3)
      pry (>= 0.12.2)
      rbi (~> 0.0.0, >= 0.0.14)
      sorbet-runtime (>= 0.5.9204)
      sorbet-static (>= 0.5.9204)
      spoom (~> 1.1.0, >= 1.1.11)
      thor (>= 1.2.0)
      yard-sorbet
    thor (1.2.2)
    unparser (0.6.8)
      diff-lcs (~> 1.3)
      parser (>= 3.2.0)
    yard (0.9.34)
    yard-sorbet (0.8.1)
      sorbet-runtime (>= 0.5)
      yard (>= 0.9)

PLATFORMS
  arm64-darwin-20
  arm64-darwin-21
  arm64-darwin-22
  x86_64-linux

DEPENDENCIES
  bundler (~> 2.2.16)
  rspec (~> 3.0)
  sorbet
  tapioca
  visualize_packs!

BUNDLED WITH
   2.2.33
