PATH
  remote: .
  specs:
    visualize_packs (0.5.23)
      bigdecimal
      packs-specification
      parse_packwerk (>= 0.20.0)
      sorbet-runtime

GEM
  remote: https://rubygems.org/
  specs:
    bigdecimal (3.1.8)
    diff-lcs (1.5.1)
    erubi (1.12.0)
    netrc (0.11.0)
    packs-specification (0.0.10)
      sorbet-runtime
    parallel (1.24.0)
    parse_packwerk (0.25.0)
      bigdecimal
      sorbet-runtime
    prism (0.29.0)
    rbi (0.1.13)
      prism (>= 0.18.0, < 1.0.0)
      sorbet-runtime (>= 0.5.9204)
    rspec (3.13.0)
      rspec-core (~> 3.13.0)
      rspec-expectations (~> 3.13.0)
      rspec-mocks (~> 3.13.0)
    rspec-core (3.13.0)
      rspec-support (~> 3.13.0)
    rspec-expectations (3.13.0)
      diff-lcs (>= 1.2.0, < 2.0)
      rspec-support (~> 3.13.0)
    rspec-mocks (3.13.1)
      diff-lcs (>= 1.2.0, < 2.0)
      rspec-support (~> 3.13.0)
    rspec-support (3.13.1)
    sorbet (0.5.11383)
      sorbet-static (= 0.5.11383)
    sorbet-runtime (0.5.11383)
    sorbet-static (0.5.11383-aarch64-linux)
    sorbet-static (0.5.11383-universal-darwin)
    sorbet-static (0.5.11383-x86_64-linux)
    sorbet-static-and-runtime (0.5.11383)
      sorbet (= 0.5.11383)
      sorbet-runtime (= 0.5.11383)
    spoom (1.3.2)
      erubi (>= 1.10.0)
      prism (>= 0.19.0)
      sorbet-static-and-runtime (>= 0.5.10187)
      thor (>= 0.19.2)
    tapioca (0.14.2)
      bundler (>= 2.2.25)
      netrc (>= 0.11.0)
      parallel (>= 1.21.0)
      rbi (>= 0.1.4, < 0.2)
      sorbet-static-and-runtime (>= 0.5.11087)
      spoom (>= 1.2.0)
      thor (>= 1.2.0)
      yard-sorbet
    thor (1.3.1)
    yard (0.9.36)
    yard-sorbet (0.8.1)
      sorbet-runtime (>= 0.5)
      yard (>= 0.9)

PLATFORMS
  aarch64-linux
  universal-darwin
  x86_64-linux

DEPENDENCIES
  bundler
  rspec (~> 3.12)
  sorbet
  tapioca
  visualize_packs!

BUNDLED WITH
   2.5.10
