PATH
  remote: ../..
  specs:
    visualize_packs (0.5.9)
      packs-specification
      parse_packwerk (>= 0.20.0)
      sorbet-runtime

GEM
  remote: https://rubygems.org/
  specs:
    packs-specification (0.0.10)
      sorbet-runtime
    parse_packwerk (0.20.0)
      sorbet-runtime
    sorbet-runtime (0.5.10932)

PLATFORMS
  arm64-darwin-22
  x86_64-linux

DEPENDENCIES
  parse_packwerk
  visualize_packs!

BUNDLED WITH
   2.4.1
